RESTRICTION: == net452
NUGET
  remote: https://www.nuget.org/api/v2
    canopy (1.6.1)
      FSharp.Core (>= 4.0.0.1)
      Selenium.WebDriver (>= 3.7)
    FSharp.Azure.StorageTypeProvider (1.9.5)
      WindowsAzure.Storage (>= 7.2.1)
    FSharp.Configuration (1.3.1)
      FSharp.Core (>= 4.0.0.1)
    FSharp.Core (4.1.17)
      System.ValueTuple (>= 4.3)
    FSharp.Data (2.4.4)
    FSharp.Data.TypeProviders (5.0.0.2)
      FSharp.Core (>= 3.1.2.5)
    FSharp.Json (0.3.1)
      FSharp.Core (>= 4.0.0.1)
    Microsoft.Azure.KeyVault.Core (2.0.4)
    Microsoft.Data.Edm (5.8.3)
    Microsoft.Data.OData (5.8.3)
      Microsoft.Data.Edm (5.8.3)
      System.Spatial (5.8.3)
    Microsoft.Data.Services.Client (5.8.3)
      Microsoft.Data.OData (5.8.3)
    Microsoft.NETCore.Platforms (2.0.1)
    NETStandard.Library (2.0.1)
      Microsoft.NETCore.Platforms (>= 1.1)
      System.Runtime.InteropServices.RuntimeInformation (>= 4.3)
    Newtonsoft.Json (10.0.3)
    NLog (4.4.12)
    NLog.Config (4.4.12)
      NLog (>= 4.4.12)
      NLog.Schema (>= 4.4.12)
    NLog.Schema (4.4.12)
    Selenium.Chrome.WebDriver (2.35)
    Selenium.WebDriver (3.8)
    System.Runtime.InteropServices.RuntimeInformation (4.3)
    System.Spatial (5.8.3)
    System.ValueTuple (4.4)
      NETStandard.Library (>= 1.6.1)
    WindowsAzure.Storage (8.7)
      Microsoft.Azure.KeyVault.Core (>= 1.0)
      Microsoft.Data.OData (>= 5.8.2)
      Microsoft.Data.Services.Client (>= 5.8.2)
      Newtonsoft.Json (>= 6.0.8)
