RESTRICTION: == net452
NUGET
  remote: https://www.nuget.org/api/v2
    canopy (1.6.3)
      FSharp.Core (>= 4.0.0.1)
      Selenium.WebDriver (>= 3.10)
    FSharp.Azure.StorageTypeProvider (1.9.5)
      WindowsAzure.Storage (>= 7.2.1)
    FSharp.Configuration (1.4)
      FSharp.Core (>= 4.0.0.1)
    FSharp.Core (4.1.18)
    FSharp.Data (2.4.5)
    FSharp.Data.TypeProviders (5.0.0.2)
      FSharp.Core (>= 3.1.2.5)
    FSharp.Json (0.3.1)
      FSharp.Core (>= 4.0.0.1)
    Microsoft.Azure.KeyVault.Core (2.0.4)
    Newtonsoft.Json (11.0.1)
    NLog (4.4.13)
    NLog.Config (4.4.13)
      NLog (>= 4.4.13)
      NLog.Schema (>= 4.4.13)
    NLog.Schema (4.4.13)
    Selenium.Chrome.WebDriver (2.35)
    Selenium.WebDriver (3.10)
    WindowsAzure.Storage (9.1)
      Microsoft.Azure.KeyVault.Core (>= 1.0)
      Newtonsoft.Json (>= 10.0.2)
