FRAMEWORK: >= NET462
NUGET
  remote: https://www.nuget.org/api/v2
    FAKE (4.45.1)
    FSharp.Text.RegexProvider (1.0)
