FRAMEWORK: >= NET462
NUGET
  remote: https://www.nuget.org/api/v2
    FAKE (4.45.1)
    Fake.Azure.WebApps (0.2)
      FAKE.Lib (>= 4.37.2)
      FSharp.Data (>= 2.3.2)
    FAKE.Lib (4.45.1)
    FSharp.Data (2.3.2)
    FSharp.Text.RegexProvider (1.0)
    Microsoft.Bcl (1.1.10)
      Microsoft.Bcl.Build (>= 1.0.14)
    Microsoft.Bcl.Async (1.0.168)
      Microsoft.Bcl (>= 1.1.8)
    Microsoft.Bcl.Build (1.0.21) - import_targets: false
    Microsoft.Net.Http (2.2.29)
      Microsoft.Bcl (>= 1.1.10)
      Microsoft.Bcl.Build (>= 1.0.14)
    Microsoft.WindowsAzure.Common (1.4.1)
      Microsoft.WindowsAzure.Common.Dependencies (>= 1.1.1)
    Microsoft.WindowsAzure.Common.Dependencies (1.1.1)
      Microsoft.Bcl (>= 1.1.9)
      Microsoft.Bcl.Async (>= 1.0.168)
      Microsoft.Bcl.Build (>= 1.0.14)
      Microsoft.Net.Http (>= 2.2.22)
      Newtonsoft.Json (>= 6.0.4)
    Microsoft.WindowsAzure.Management.WebSites (4.0)
      Microsoft.WindowsAzure.Common (>= 1.3 < 2.0)
    Newtonsoft.Json (9.0.1)
    System.Management.Automation.dll (10.0.10586)
